GEM
  remote: https://rubygems.org/
  specs:
    actioncable (8.0.2.1)
      actionpack (= 8.0.2.1)
      activesupport (= 8.0.2.1)
      nio4r (~> 2.0)
      websocket-driver (>= 0.6.1)
      zeitwerk (~> 2.6)
    actionmailbox (8.0.2.1)
      actionpack (= 8.0.2.1)
      activejob (= 8.0.2.1)
      activerecord (= 8.0.2.1)
      activestorage (= 8.0.2.1)
      activesupport (= 8.0.2.1)
      mail (>= 2.8.0)
    actionmailer (8.0.2.1)
      actionpack (= 8.0.2.1)
      actionview (= 8.0.2.1)
      activejob (= 8.0.2.1)
      activesupport (= 8.0.2.1)
      mail (>= 2.8.0)
      rails-dom-testing (~> 2.2)
    actionpack (8.0.2.1)
      actionview (= 8.0.2.1)
      activesupport (= 8.0.2.1)
      nokogiri (>= 1.8.5)
      rack (>= 2.2.4)
      rack-session (>= 1.0.1)
      rack-test (>= 0.6.3)
      rails-dom-testing (~> 2.2)
      rails-html-sanitizer (~> 1.6)
      useragent (~> 0.16)
    actiontext (8.0.2.1)
      actionpack (= 8.0.2.1)
      activerecord (= 8.0.2.1)
      activestorage (= 8.0.2.1)
      activesupport (= 8.0.2.1)
      globalid (>= 0.6.0)
      nokogiri (>= 1.8.5)
    actionview (8.0.2.1)
      activesupport (= 8.0.2.1)
      builder (~> 3.1)
      erubi (~> 1.11)
      rails-dom-testing (~> 2.2)
      rails-html-sanitizer (~> 1.6)
    activejob (8.0.2.1)
      activesupport (= 8.0.2.1)
      globalid (>= 0.3.6)
    activemodel (8.0.2.1)
      activesupport (= 8.0.2.1)
    activerecord (8.0.2.1)
      activemodel (= 8.0.2.1)
      activesupport (= 8.0.2.1)
      timeout (>= 0.4.0)
    activestorage (8.0.2.1)
      actionpack (= 8.0.2.1)
      activejob (= 8.0.2.1)
      activerecord (= 8.0.2.1)
      activesupport (= 8.0.2.1)
      marcel (~> 1.0)
    activesupport (8.0.2.1)
      base64
      benchmark (>= 0.3)
      bigdecimal
      concurrent-ruby (~> 1.0, >= 1.3.1)
      connection_pool (>= 2.2.5)
      drb
      i18n (>= 1.6, < 2)
      logger (>= 1.4.2)
      minitest (>= 5.1)
      securerandom (>= 0.3)
      tzinfo (~> 2.0, >= 2.0.5)
      uri (>= 0.13.1)
    addressable (2.8.7)
      public_suffix (>= 2.0.2, < 7.0)
    ast (2.4.3)
    base64 (0.3.0)
    bcrypt_pbkdf (1.1.1)
    benchmark (0.4.1)
    bigdecimal (3.2.3)
    bindex (0.8.1)
    bootsnap (1.18.6)
      msgpack (~> 1.2)
    brakeman (7.1.0)
      racc
    builder (3.3.0)
    capybara (3.40.0)
      addressable
      matrix
      mini_mime (>= 0.1.3)
      nokogiri (~> 1.11)
      rack (>= 1.6.0)
      rack-test (>= 0.6.3)
      regexp_parser (>= 1.5, < 3.0)
      xpath (~> 3.2)
    concurrent-ruby (1.3.5)
    connection_pool (2.5.4)
    crass (1.0.6)
    date (3.4.1)
    debug (1.11.0)
      irb (~> 1.10)
      reline (>= 0.3.8)
    dotenv (3.1.8)
    drb (2.2.3)
    ed25519 (1.4.0)
    erb (5.0.2)
    erubi (1.13.1)
    et-orbi (1.3.0)
      tzinfo
    fugit (1.11.2)
      et-orbi (~> 1, >= 1.2.11)
      raabro (~> 1.4)
    globalid (1.2.1)
      activesupport (>= 6.1)
    herb (0.7.2-aarch64-linux-gnu)
    herb (0.7.2-aarch64-linux-musl)
    herb (0.7.2-arm-linux-gnu)
    herb (0.7.2-arm-linux-musl)
    herb (0.7.2-arm64-darwin)
    herb (0.7.2-x86_64-linux-gnu)
    herb (0.7.2-x86_64-linux-musl)
    i18n (1.14.7)
      concurrent-ruby (~> 1.0)
    importmap-rails (2.2.2)
      actionpack (>= 6.0.0)
      activesupport (>= 6.0.0)
      railties (>= 6.0.0)
    io-console (0.8.1)
    irb (1.15.2)
      pp (>= 0.6.0)
      rdoc (>= 4.0.0)
      reline (>= 0.4.2)
    jbuilder (2.14.1)
      actionview (>= 7.0.0)
      activesupport (>= 7.0.0)
    json (2.15.0)
    kamal (2.7.0)
      activesupport (>= 7.0)
      base64 (~> 0.2)
      bcrypt_pbkdf (~> 1.0)
      concurrent-ruby (~> 1.2)
      dotenv (~> 3.1)
      ed25519 (~> 1.4)
      net-ssh (~> 7.3)
      sshkit (>= 1.23.0, < 2.0)
      thor (~> 1.3)
      zeitwerk (>= 2.6.18, < 3.0)
    language_server-protocol (3.17.0.5)
    lint_roller (1.1.0)
    logger (1.7.0)
    loofah (2.24.1)
      crass (~> 1.0.2)
      nokogiri (>= 1.12.0)
    mail (2.8.1)
      mini_mime (>= 0.1.1)
      net-imap
      net-pop
      net-smtp
    marcel (1.1.0)
    matrix (0.4.3)
    mini_mime (1.1.5)
    minitest (5.25.5)
    msgpack (1.8.0)
    net-imap (0.5.10)
      date
      net-protocol
    net-pop (0.1.2)
      net-protocol
    net-protocol (0.2.2)
      timeout
    net-scp (4.1.0)
      net-ssh (>= 2.6.5, < 8.0.0)
    net-sftp (4.0.0)
      net-ssh (>= 5.0.0, < 8.0.0)
    net-smtp (0.5.1)
      net-protocol
    net-ssh (7.3.0)
    nio4r (2.7.4)
    nokogiri (1.18.10-aarch64-linux-gnu)
      racc (~> 1.4)
    nokogiri (1.18.10-aarch64-linux-musl)
      racc (~> 1.4)
    nokogiri (1.18.10-arm-linux-gnu)
      racc (~> 1.4)
    nokogiri (1.18.10-arm-linux-musl)
      racc (~> 1.4)
    nokogiri (1.18.10-arm64-darwin)
      racc (~> 1.4)
    nokogiri (1.18.10-x86_64-linux-gnu)
      racc (~> 1.4)
    nokogiri (1.18.10-x86_64-linux-musl)
      racc (~> 1.4)
    ostruct (0.6.3)
    parallel (1.27.0)
    parser (3.3.9.0)
      ast (~> 2.4.1)
      racc
    pp (0.6.2)
      prettyprint
    prettyprint (0.2.0)
    prism (1.5.1)
    propshaft (1.2.1)
      actionpack (>= 7.0.0)
      activesupport (>= 7.0.0)
      rack
    psych (5.2.6)
      date
      stringio
    public_suffix (6.0.2)
    puma (7.0.3)
      nio4r (~> 2.0)
    raabro (1.4.0)
    racc (1.8.1)
    rack (3.2.1)
    rack-session (2.1.1)
      base64 (>= 0.1.0)
      rack (>= 3.0.0)
    rack-test (2.2.0)
      rack (>= 1.3)
    rackup (2.2.1)
      rack (>= 3)
    rails (8.0.2.1)
      actioncable (= 8.0.2.1)
      actionmailbox (= 8.0.2.1)
      actionmailer (= 8.0.2.1)
      actionpack (= 8.0.2.1)
      actiontext (= 8.0.2.1)
      actionview (= 8.0.2.1)
      activejob (= 8.0.2.1)
      activemodel (= 8.0.2.1)
      activerecord (= 8.0.2.1)
      activestorage (= 8.0.2.1)
      activesupport (= 8.0.2.1)
      bundler (>= 1.15.0)
      railties (= 8.0.2.1)
    rails-dom-testing (2.3.0)
      activesupport (>= 5.0.0)
      minitest
      nokogiri (>= 1.6)
    rails-html-sanitizer (1.6.2)
      loofah (~> 2.21)
      nokogiri (>= 1.15.7, != 1.16.7, != 1.16.6, != 1.16.5, != 1.16.4, != 1.16.3, != 1.16.2, != 1.16.1, != 1.16.0.rc1, != 1.16.0)
    railties (8.0.2.1)
      actionpack (= 8.0.2.1)
      activesupport (= 8.0.2.1)
      irb (~> 1.13)
      rackup (>= 1.0.0)
      rake (>= 12.2)
      thor (~> 1.0, >= 1.2.2)
      zeitwerk (~> 2.6)
    rainbow (3.1.1)
    rake (13.3.0)
    rdoc (6.14.2)
      erb
      psych (>= 4.0.0)
    reactionview (0.1.2)
      actionview (>= 7.0)
      herb (>= 0.7.0, < 1.0.0)
    regexp_parser (2.11.3)
    reline (0.6.2)
      io-console (~> 0.5)
    rexml (3.4.4)
    rubocop (1.80.2)
      json (~> 2.3)
      language_server-protocol (~> 3.17.0.2)
      lint_roller (~> 1.1.0)
      parallel (~> 1.10)
      parser (>= 3.3.0.2)
      rainbow (>= 2.2.2, < 4.0)
      regexp_parser (>= 2.9.3, < 3.0)
      rubocop-ast (>= 1.46.0, < 2.0)
      ruby-progressbar (~> 1.7)
      unicode-display_width (>= 2.4.0, < 4.0)
    rubocop-ast (1.47.1)
      parser (>= 3.3.7.2)
      prism (~> 1.4)
    rubocop-performance (1.26.0)
      lint_roller (~> 1.1)
      rubocop (>= 1.75.0, < 2.0)
      rubocop-ast (>= 1.44.0, < 2.0)
    rubocop-rails (2.33.3)
      activesupport (>= 4.2.0)
      lint_roller (~> 1.1)
      rack (>= 1.1)
      rubocop (>= 1.75.0, < 2.0)
      rubocop-ast (>= 1.44.0, < 2.0)
    rubocop-rails-omakase (1.1.0)
      rubocop (>= 1.72)
      rubocop-performance (>= 1.24)
      rubocop-rails (>= 2.30)
    ruby-progressbar (1.13.0)
    rubyzip (3.1.0)
    securerandom (0.4.1)
    selenium-webdriver (4.35.0)
      base64 (~> 0.2)
      logger (~> 1.4)
      rexml (~> 3.2, >= 3.2.5)
      rubyzip (>= 1.2.2, < 4.0)
      websocket (~> 1.0)
    solid_cable (3.0.12)
      actioncable (>= 7.2)
      activejob (>= 7.2)
      activerecord (>= 7.2)
      railties (>= 7.2)
    solid_cache (1.0.7)
      activejob (>= 7.2)
      activerecord (>= 7.2)
      railties (>= 7.2)
    solid_queue (1.2.1)
      activejob (>= 7.1)
      activerecord (>= 7.1)
      concurrent-ruby (>= 1.3.1)
      fugit (~> 1.11.0)
      railties (>= 7.1)
      thor (>= 1.3.1)
    sqlite3 (2.7.4-aarch64-linux-gnu)
    sqlite3 (2.7.4-aarch64-linux-musl)
    sqlite3 (2.7.4-arm-linux-gnu)
    sqlite3 (2.7.4-arm-linux-musl)
    sqlite3 (2.7.4-arm64-darwin)
    sqlite3 (2.7.4-x86_64-linux-gnu)
    sqlite3 (2.7.4-x86_64-linux-musl)
    sshkit (1.24.0)
      base64
      logger
      net-scp (>= 1.1.2)
      net-sftp (>= 2.1.2)
      net-ssh (>= 2.8.0)
      ostruct
    stimulus-rails (1.3.4)
      railties (>= 6.0.0)
    stringio (3.1.7)
    thor (1.4.0)
    thruster (0.1.15)
    thruster (0.1.15-aarch64-linux)
    thruster (0.1.15-arm64-darwin)
    thruster (0.1.15-x86_64-linux)
    timeout (0.4.3)
    turbo-rails (2.0.16)
      actionpack (>= 7.1.0)
      railties (>= 7.1.0)
    tzinfo (2.0.6)
      concurrent-ruby (~> 1.0)
    unicode-display_width (3.2.0)
      unicode-emoji (~> 4.1)
    unicode-emoji (4.1.0)
    uri (1.0.3)
    useragent (0.16.11)
    web-console (4.2.1)
      actionview (>= 6.0.0)
      activemodel (>= 6.0.0)
      bindex (>= 0.4.0)
      railties (>= 6.0.0)
    websocket (1.2.11)
    websocket-driver (0.8.0)
      base64
      websocket-extensions (>= 0.1.0)
    websocket-extensions (0.1.5)
    xpath (3.2.0)
      nokogiri (~> 1.8)
    zeitwerk (2.7.3)

PLATFORMS
  aarch64-linux
  aarch64-linux-gnu
  aarch64-linux-musl
  arm-linux-gnu
  arm-linux-musl
  arm64-darwin-24
  x86_64-linux
  x86_64-linux-gnu
  x86_64-linux-musl

DEPENDENCIES
  bootsnap
  brakeman
  capybara
  debug
  importmap-rails
  jbuilder
  kamal
  propshaft
  puma (>= 5.0)
  rails (~> 8.0.2, >= 8.0.2.1)
  reactionview (~> 0.1.2)
  rubocop-rails-omakase
  selenium-webdriver
  solid_cable
  solid_cache
  solid_queue
  sqlite3 (>= 2.1)
  stimulus-rails
  thruster
  turbo-rails
  tzinfo-data
  web-console

CHECKSUMS
  actioncable (8.0.2.1) sha256=6f1cb20db39fba28a93569e8d5dab42b2749d7ddd4baebb5bbecd4217e49d6a2
  actionmailbox (8.0.2.1) sha256=8ea8c6e31e448961c06fc1d6282775b32aff1c009f232d4564e07e54850a6cad
  actionmailer (8.0.2.1) sha256=0de14d8d04541eab130858cb2f0697266be42de1afe1104bc43d7998137ddb9c
  actionpack (8.0.2.1) sha256=61e7e11a31dbe5152ca57221788bdca42ef302c4cc53b4c8993d68dce8982b0a
  actiontext (8.0.2.1) sha256=0cc4b3b5cfb9d915c6697b05b013dad7f4eaf074d9989700b6a0a55cf620d6b8
  actionview (8.0.2.1) sha256=2ea6d20ccb0b7b84a221a940ac06853ce99235e4ecb4947815839c7c5ecbf347
  activejob (8.0.2.1) sha256=d6e5f2da07ec8efac13a38af1752416770dc74e95783f7b252506d707aa32b89
  activemodel (8.0.2.1) sha256=17bab6cdb86531844113df22f864480a89a276bf0318246e628f99e0ac077ec4
  activerecord (8.0.2.1) sha256=a6556e7bdd53f3889d18d2aa3a7ff115fd6c5e1463dd06f97fb88d06b58c6df1
  activestorage (8.0.2.1) sha256=43bb3d9e115471e201e6a66813810c1d15b607a321f29d62efdf9d90ffaf76f8
  activesupport (8.0.2.1) sha256=0405a76fd1ca989975d9ae00d46a4d3979bdf3817482d846b63affa84bd561c6
  addressable (2.8.7) sha256=462986537cf3735ab5f3c0f557f14155d778f4b43ea4f485a9deb9c8f7c58232
  ast (2.4.3) sha256=954615157c1d6a382bc27d690d973195e79db7f55e9765ac7c481c60bdb4d383
  base64 (0.3.0) sha256=27337aeabad6ffae05c265c450490628ef3ebd4b67be58257393227588f5a97b
  bcrypt_pbkdf (1.1.1) sha256=2f9077dde837d1f0dd2eb0f9e5327c6871c68ebc8eba88870fb6b7956e1e2b13
  benchmark (0.4.1) sha256=d4ef40037bba27f03b28013e219b950b82bace296549ec15a78016552f8d2cce
  bigdecimal (3.2.3) sha256=ffd11d1ac67a0d3b2f44aec0a6487210b3f813f363dd11f1fcccf5ba00da4e1b
  bindex (0.8.1) sha256=7b1ecc9dc539ed8bccfc8cb4d2732046227b09d6f37582ff12e50a5047ceb17e
  bootsnap (1.18.6) sha256=0ae2393c1e911e38be0f24e9173e7be570c3650128251bf06240046f84a07d00
  brakeman (7.1.0) sha256=bbc708a75a53008490c8b9600b97fa85cb3d5a8818dd1560f18e0b89475d48af
  builder (3.3.0) sha256=497918d2f9dca528fdca4b88d84e4ef4387256d984b8154e9d5d3fe5a9c8835f
  capybara (3.40.0) sha256=42dba720578ea1ca65fd7a41d163dd368502c191804558f6e0f71b391054aeef
  concurrent-ruby (1.3.5) sha256=813b3e37aca6df2a21a3b9f1d497f8cbab24a2b94cab325bffe65ee0f6cbebc6
  connection_pool (2.5.4) sha256=e9e1922327416091f3f6542f5f4446c2a20745276b9aa796dd0bb2fd0ea1e70a
  crass (1.0.6) sha256=dc516022a56e7b3b156099abc81b6d2b08ea1ed12676ac7a5657617f012bd45d
  date (3.4.1) sha256=bf268e14ef7158009bfeaec40b5fa3c7271906e88b196d958a89d4b408abe64f
  debug (1.11.0) sha256=1425db64cfa0130c952684e3dc974985be201dd62899bf4bbe3f8b5d6cf1aef2
  dotenv (3.1.8) sha256=9e1176060ced581f8e6ce4384e91361817763a76e3c625c8bddc18b35bd392c3
  drb (2.2.3) sha256=0b00d6fdb50995fe4a45dea13663493c841112e4068656854646f418fda13373
  ed25519 (1.4.0) sha256=16e97f5198689a154247169f3453ef4cfd3f7a47481fde0ae33206cdfdcac506
  erb (5.0.2) sha256=d30f258143d4300fb4ecf430042ac12970c9bb4b33c974a545b8f58c1ec26c0f
  erubi (1.13.1) sha256=a082103b0885dbc5ecf1172fede897f9ebdb745a4b97a5e8dc63953db1ee4ad9
  et-orbi (1.3.0) sha256=56716ce1c40f56412d6acb0721ebede6bd23b66525dab008a95d77df00c7d260
  fugit (1.11.2) sha256=4c2e234f750c78d4514d0ca343a0b923847eac3846976fdb23ed4245d8fde6fe
  globalid (1.2.1) sha256=70bf76711871f843dbba72beb8613229a49429d1866828476f9c9d6ccc327ce9
  herb (0.7.2-aarch64-linux-gnu) sha256=5aa615cb74a39a665e22f13a5e05e6002e20966d317bd1c19ccd962fe84bec8b
  herb (0.7.2-aarch64-linux-musl) sha256=5bf613bec2179cb271e1d87df04ee034ddf7c6520efe48581aedefe51e2c64ed
  herb (0.7.2-arm-linux-gnu) sha256=3c6109dd97739efaa22beddb54d86f0603732f913dd9a52cba21a0db1af4e1fd
  herb (0.7.2-arm-linux-musl) sha256=e4181c41e76b588fcf4ddc51dc6067a8b73b0040800f60470c485470a987084b
  herb (0.7.2-arm64-darwin) sha256=5c42f3eb2600fc0819c8fe46f569dbaabf8817bece0185bfb82247a1e79cc64b
  herb (0.7.2-x86_64-linux-gnu) sha256=96b6a3f6d57026bcc6a230b89e14b8333d6f21f4a3de3ce75511f3f8a9780262
  herb (0.7.2-x86_64-linux-musl) sha256=ba28b3c489876a34699847a3276835998735123760f08a202419f4dc0c8e6743
  i18n (1.14.7) sha256=ceba573f8138ff2c0915427f1fc5bdf4aa3ab8ae88c8ce255eb3ecf0a11a5d0f
  importmap-rails (2.2.2) sha256=729f5b1092f832780829ade1d0b46c7e53d91c556f06da7254da2977e93fe614
  io-console (0.8.1) sha256=1e15440a6b2f67b6ea496df7c474ed62c860ad11237f29b3bd187f054b925fcb
  irb (1.15.2) sha256=222f32952e278da34b58ffe45e8634bf4afc2dc7aa9da23fed67e581aa50fdba
  jbuilder (2.14.1) sha256=4eb26376ff60ef100cb4fd6fd7533cd271f9998327e86adf20fd8c0e69fabb42
  json (2.15.0) sha256=bc24d490a1d81bcbf6b45ee5c02695545d4ed37f679cee879b789a2bbb53ad5c
  kamal (2.7.0) sha256=66b863d967a740886a1817f7e181849c100dfcd4bdf1d8695d9c20828313b4f8
  language_server-protocol (3.17.0.5) sha256=fd1e39a51a28bf3eec959379985a72e296e9f9acfce46f6a79d31ca8760803cc
  lint_roller (1.1.0) sha256=2c0c845b632a7d172cb849cc90c1bce937a28c5c8ccccb50dfd46a485003cc87
  logger (1.7.0) sha256=196edec7cc44b66cfb40f9755ce11b392f21f7967696af15d274dde7edff0203
  loofah (2.24.1) sha256=655a30842b70ec476410b347ab1cd2a5b92da46a19044357bbd9f401b009a337
  mail (2.8.1) sha256=ec3b9fadcf2b3755c78785cb17bc9a0ca9ee9857108a64b6f5cfc9c0b5bfc9ad
  marcel (1.1.0) sha256=fdcfcfa33cc52e93c4308d40e4090a5d4ea279e160a7f6af988260fa970e0bee
  matrix (0.4.3) sha256=a0d5ab7ddcc1973ff690ab361b67f359acbb16958d1dc072b8b956a286564c5b
  mini_mime (1.1.5) sha256=8681b7e2e4215f2a159f9400b5816d85e9d8c6c6b491e96a12797e798f8bccef
  minitest (5.25.5) sha256=391b6c6cb43a4802bfb7c93af1ebe2ac66a210293f4a3fb7db36f2fc7dc2c756
  msgpack (1.8.0) sha256=e64ce0212000d016809f5048b48eb3a65ffb169db22238fb4b72472fecb2d732
  net-imap (0.5.10) sha256=f84d206a296bff48a3a10507567fc38b050d2a40c92ea0d448164f64e60d6205
  net-pop (0.1.2) sha256=848b4e982013c15b2f0382792268763b748cce91c9e91e36b0f27ed26420dff3
  net-protocol (0.2.2) sha256=aa73e0cba6a125369de9837b8d8ef82a61849360eba0521900e2c3713aa162a8
  net-scp (4.1.0) sha256=a99b0b92a1e5d360b0de4ffbf2dc0c91531502d3d4f56c28b0139a7c093d1a5d
  net-sftp (4.0.0) sha256=65bb91c859c2f93b09826757af11b69af931a3a9155050f50d1b06d384526364
  net-smtp (0.5.1) sha256=ed96a0af63c524fceb4b29b0d352195c30d82dd916a42f03c62a3a70e5b70736
  net-ssh (7.3.0) sha256=172076c4b30ce56fb25a03961b0c4da14e1246426401b0f89cba1a3b54bf3ef0
  nio4r (2.7.4) sha256=d95dee68e0bb251b8ff90ac3423a511e3b784124e5db7ff5f4813a220ae73ca9
  nokogiri (1.18.10-aarch64-linux-gnu) sha256=7fb87235d729c74a2be635376d82b1d459230cc17c50300f8e4fcaabc6195344
  nokogiri (1.18.10-aarch64-linux-musl) sha256=7e74e58314297cc8a8f1b533f7212d1999dbe2639a9ee6d97b483ea2acc18944
  nokogiri (1.18.10-arm-linux-gnu) sha256=51f4f25ab5d5ba1012d6b16aad96b840a10b067b93f35af6a55a2c104a7ee322
  nokogiri (1.18.10-arm-linux-musl) sha256=1c6ea754e51cecc85c30ee8ab1e6aa4ce6b6e134d01717e9290e79374a9e00aa
  nokogiri (1.18.10-arm64-darwin) sha256=c2b0de30770f50b92c9323fa34a4e1cf5a0af322afcacd239cd66ee1c1b22c85
  nokogiri (1.18.10-x86_64-linux-gnu) sha256=ff5ba26ba2dbce5c04b9ea200777fd225061d7a3930548806f31db907e500f72
  nokogiri (1.18.10-x86_64-linux-musl) sha256=0651fccf8c2ebbc2475c8b1dfd7ccac3a0a6d09f8a41b72db8c21808cb483385
  ostruct (0.6.3) sha256=95a2ed4a4bd1d190784e666b47b2d3f078e4a9efda2fccf18f84ddc6538ed912
  parallel (1.27.0) sha256=4ac151e1806b755fb4e2dc2332cbf0e54f2e24ba821ff2d3dcf86bf6dc4ae130
  parser (3.3.9.0) sha256=94d6929354b1a6e3e1f89d79d4d302cc8f5aa814431a6c9c7e0623335d7687f2
  pp (0.6.2) sha256=947ec3120c6f92195f8ee8aa25a7b2c5297bb106d83b41baa02983686577b6ff
  prettyprint (0.2.0) sha256=2bc9e15581a94742064a3cc8b0fb9d45aae3d03a1baa6ef80922627a0766f193
  prism (1.5.1) sha256=b40c1b76ccb9fcccc3d1553967cda6e79fa7274d8bfea0d98b15d27a6d187134
  propshaft (1.2.1) sha256=e9b91daf52f21152f851a59f8621af53ffb4dc4401f9b5f8fe16065190b98654
  psych (5.2.6) sha256=814328aa5dcb6d604d32126a20bc1cbcf05521a5b49dbb1a8b30a07e580f316e
  public_suffix (6.0.2) sha256=bfa7cd5108066f8c9602e0d6d4114999a5df5839a63149d3e8b0f9c1d3558394
  puma (7.0.3) sha256=131b5fd02c89c2445114cdce906114e75ea4cf22842fcf5bbee4500f1c868ba5
  raabro (1.4.0) sha256=d4fa9ff5172391edb92b242eed8be802d1934b1464061ae5e70d80962c5da882
  racc (1.8.1) sha256=4a7f6929691dbec8b5209a0b373bc2614882b55fc5d2e447a21aaa691303d62f
  rack (3.2.1) sha256=30af3f7e5ec21b0d14d822cf24446048dba5f651b617c7e97405b604f20a9e33
  rack-session (2.1.1) sha256=0b6dc07dea7e4b583f58a48e8b806d4c9f1c6c9214ebc202ec94562cbea2e4e9
  rack-test (2.2.0) sha256=005a36692c306ac0b4a9350355ee080fd09ddef1148a5f8b2ac636c720f5c463
  rackup (2.2.1) sha256=f737191fd5c5b348b7f0a4412a3b86383f88c43e13b8217b63d4c8d90b9e798d
  rails (8.0.2.1) sha256=13ab95615569e74e364384b346b1d83e4795dbde83d9edf584e8768e8049b3ac
  rails-dom-testing (2.3.0) sha256=8acc7953a7b911ca44588bf08737bc16719f431a1cc3091a292bca7317925c1d
  rails-html-sanitizer (1.6.2) sha256=35fce2ca8242da8775c83b6ba9c1bcaad6751d9eb73c1abaa8403475ab89a560
  railties (8.0.2.1) sha256=54e40e1771fc2878f572d5a4e076cddb057ba8d4d471f8b7d9bfc61bc1301d4c
  rainbow (3.1.1) sha256=039491aa3a89f42efa1d6dec2fc4e62ede96eb6acd95e52f1ad581182b79bc6a
  rake (13.3.0) sha256=96f5092d786ff412c62fde76f793cc0541bd84d2eb579caa529aa8a059934493
  rdoc (6.14.2) sha256=9fdd44df130f856ae70cc9a264dfd659b9b40de369b16581f4ab746e42439226
  reactionview (0.1.2) sha256=554961ba5b75e30df8258ed9d1c453e5cae7c69c1be1021c113e97194332cf9e
  regexp_parser (2.11.3) sha256=ca13f381a173b7a93450e53459075c9b76a10433caadcb2f1180f2c741fc55a4
  reline (0.6.2) sha256=1dad26a6008872d59c8e05244b119347c9f2ddaf4a53dce97856cd5f30a02846
  rexml (3.4.4) sha256=19e0a2c3425dfbf2d4fc1189747bdb2f849b6c5e74180401b15734bc97b5d142
  rubocop (1.80.2) sha256=6485f30fefcf5c199db3b91e5e253b1ef43f7e564784e2315255809a3dd9abf4
  rubocop-ast (1.47.1) sha256=592682017855408b046a8190689490763aecea175238232b1b526826349d01ae
  rubocop-performance (1.26.0) sha256=7bb0d9d9fb2ea122bf6f9a596dd7cf9dc93ab4950923d26c4ae4f328cef71ca9
  rubocop-rails (2.33.3) sha256=848c011b58c1292f3066246c9eb18abf6ffcfbce28bc57c4ab888bbec79af74b
  rubocop-rails-omakase (1.1.0) sha256=2af73ac8ee5852de2919abbd2618af9c15c19b512c4cfc1f9a5d3b6ef009109d
  ruby-progressbar (1.13.0) sha256=80fc9c47a9b640d6834e0dc7b3c94c9df37f08cb072b7761e4a71e22cff29b33
  rubyzip (3.1.0) sha256=e5af14749e2e7d2ecfc43526888b2165bf4d464002964c4e281e9480fb26f415
  securerandom (0.4.1) sha256=cc5193d414a4341b6e225f0cb4446aceca8e50d5e1888743fac16987638ea0b1
  selenium-webdriver (4.35.0) sha256=6fc920cec4b9e6263afeb4941289d8deb0853acbc49e0d6f7de91c86986d359b
  solid_cable (3.0.12) sha256=a168a54731a455d5627af48d8441ea3b554b8c1f6e6cd6074109de493e6b0460
  solid_cache (1.0.7) sha256=58e690ccee057be7351f21b1940d5f9cf6bb132074316e70478e554a79e6a490
  solid_queue (1.2.1) sha256=7976b3690a08080ef63d1b11281f0b77398f7697dbeda0e2c5532682639d4b15
  sqlite3 (2.7.4-aarch64-linux-gnu) sha256=071da898ef968c83f62b26ed644a4e7f3544034fb2518f99f88a354d9ab6381c
  sqlite3 (2.7.4-aarch64-linux-musl) sha256=a9484bef1ee9c3a55ed370baa5147823f844aebfe0df9350f2e9b5518aeee516
  sqlite3 (2.7.4-arm-linux-gnu) sha256=b7b35c9802533b1b313cb1bb8e36b5c37277b6019ccf6314740fc7d4503a13d6
  sqlite3 (2.7.4-arm-linux-musl) sha256=4809860528e429e24aad52b781ee56bc8e7e0d1a28b76cd6a24f5eded8e2d774
  sqlite3 (2.7.4-arm64-darwin) sha256=d5b09cd4e9542aa05f0db0eb7dd868102cc23072ae378e0453e59e0efaed89b8
  sqlite3 (2.7.4-x86_64-linux-gnu) sha256=0755b458f5501e89c0d5a0003afc4fdd6fd059eb1fb1424221532917096da4be
  sqlite3 (2.7.4-x86_64-linux-musl) sha256=494b4ce35524f3bf8ef6741737d0c197086ed8ac4804220fa71d653b39d82a54
  sshkit (1.24.0) sha256=9597c1f984778ae9742f2dc839778d57a6a2efb868107046575c52ac7c628e6c
  stimulus-rails (1.3.4) sha256=765676ffa1f33af64ce026d26b48e8ffb2e0b94e0f50e9119e11d6107d67cb06
  stringio (3.1.7) sha256=5b78b7cb242a315fb4fca61a8255d62ec438f58da2b90be66048546ade4507fa
  thor (1.4.0) sha256=8763e822ccb0f1d7bee88cde131b19a65606657b847cc7b7b4b82e772bcd8a3d
  thruster (0.1.15) sha256=fe3396aa7158c32f499d8b7df07aefc0070050666a171788aec412705b438eab
  thruster (0.1.15-aarch64-linux) sha256=bd55cf486e14ce0484c86a10b04a470da0463efc0dea2f495e49c0ac40d085df
  thruster (0.1.15-arm64-darwin) sha256=d340f3b361054123646912dd1833c8929732e1194d8f4d0305dcfb0e0017b289
  thruster (0.1.15-x86_64-linux) sha256=a979a3e493c111940723c08c3b7b3b6f95c5d44af26fe65b6edae1f96fc0deda
  timeout (0.4.3) sha256=9509f079b2b55fe4236d79633bd75e34c1c1e7e3fb4b56cb5fda61f80a0fe30e
  turbo-rails (2.0.16) sha256=d24e1b60f0c575b3549ecda967e5391027143f8220d837ed792c8d48ea0ea38d
  tzinfo (2.0.6) sha256=8daf828cc77bcf7d63b0e3bdb6caa47e2272dcfaf4fbfe46f8c3a9df087a829b
  unicode-display_width (3.2.0) sha256=0cdd96b5681a5949cdbc2c55e7b420facae74c4aaf9a9815eee1087cb1853c42
  unicode-emoji (4.1.0) sha256=4997d2d5df1ed4252f4830a9b6e86f932e2013fbff2182a9ce9ccabda4f325a5
  uri (1.0.3) sha256=e9f2244608eea2f7bc357d954c65c910ce0399ca5e18a7a29207ac22d8767011
  useragent (0.16.11) sha256=700e6413ad4bb954bb63547fa098dddf7b0ebe75b40cc6f93b8d54255b173844
  web-console (4.2.1) sha256=e7bcf37a10ea2b4ec4281649d1cee461b32232d0a447e82c786e6841fd22fe20
  websocket (1.2.11) sha256=b7e7a74e2410b5e85c25858b26b3322f29161e300935f70a0e0d3c35e0462737
  websocket-driver (0.8.0) sha256=ed0dba4b943c22f17f9a734817e808bc84cdce6a7e22045f5315aa57676d4962
  websocket-extensions (0.1.5) sha256=1c6ba63092cda343eb53fc657110c71c754c56484aad42578495227d717a8241
  xpath (3.2.0) sha256=6dfda79d91bb3b949b947ecc5919f042ef2f399b904013eb3ef6d20dd3a4082e
  zeitwerk (2.7.3) sha256=b2e86b4a9b57d26ba68a15230dcc7fe6f040f06831ce64417b0621ad96ba3e85

BUNDLED WITH
   2.7.1
